GEM
  remote: http://rubygems.org/
  specs:
    directory_watcher (1.4.1)
    redcarpet (2.1.1)
    redis (2.2.2)
    sass (3.1.19)
    slop (2.1.0)
    stasis (0.1.23)
      directory_watcher (~> 1.4.1)
      redis (~> 2.2.2)
      slop (~> 2.1.0)
      tilt (~> 1.3.3)
      yajl-ruby (~> 1.0.0)
    tilt (1.3.3)
    yajl-ruby (1.0.0)

PLATFORMS
  ruby

DEPENDENCIES
  redcarpet
  sass
  stasis
