GEM
  remote: http://rubygems.org/
  specs:
    directory_watcher (1.4.1)
    execjs (1.4.0)
      multi_json (~> 1.0)
    libv8 (3.11.8.17)
    multi_json (1.3.6)
    redcarpet (2.1.1)
    redis (2.2.2)
    ref (1.0.4)
    sass (3.1.19)
    slop (2.1.0)
    stasis (0.1.23)
      directory_watcher (~> 1.4.1)
      redis (~> 2.2.2)
      slop (~> 2.1.0)
      tilt (~> 1.3.3)
      yajl-ruby (~> 1.0.0)
    therubyracer (0.11.4)
      libv8 (~> 3.11.8.12)
      ref
    tilt (1.3.3)
    uglifier (1.2.5)
      execjs (>= 0.3.0)
      multi_json (~> 1.3)
    yajl-ruby (1.0.0)

PLATFORMS
  ruby

DEPENDENCIES
  redcarpet
  sass
  stasis
  therubyracer
  uglifier
