GEM
  remote: http://rubygems.org/
  specs:
    atomic (1.1.14)
    directory_watcher (1.4.1)
    execjs (2.0.2)
    json (1.8.1)
    libv8 (3.16.14.3)
    redcarpet (3.0.0)
    ref (1.0.5)
    sass (3.2.12)
    slop (3.3.2)
    stasis (0.2.0)
      directory_watcher (= 1.4.1)
      slop (= 3.3.2)
      tilt (= 1.3.3)
    therubyracer (0.12.0)
      libv8 (~> 3.16.14.0)
      ref
    thread_safe (0.1.3)
      atomic
    tilt (1.3.3)
    tzinfo (1.1.0)
      thread_safe (~> 0.1)
    uglifier (2.3.2)
      execjs (>= 0.3.0)
      json (>= 1.8.0)

PLATFORMS
  ruby

DEPENDENCIES
  redcarpet
  sass
  stasis
  therubyracer
  tzinfo
  uglifier
